GIT
  remote: git://github.com/twitter/bootstrap.git
  revision: 4b3a43e381c7c07b5a6f1ccaeb2c910ef2a93e0a
  branch: 3.0.0-wip
  specs:
    twitter-bootstrap (3.0.0)

GEM
  remote: https://rubygems.org/
  specs:
    activesupport (3.2.13)
      i18n (= 0.6.1)
      multi_json (~> 1.0)
    backports (3.3.0)
    bcrypt-ruby (3.0.1)
    commonjs (0.2.6)
    daemons (1.1.9)
    eventmachine (1.0.3)
    factory_girl (4.2.0)
      activesupport (>= 3.0.0)
    haml (4.0.2)
      tilt
    hashie (2.0.3)
    i18n (0.6.1)
    jsmin (1.0.1)
    less (2.3.2)
      commonjs (~> 0.2.6)
    libv8 (3.11.8.17)
    multi_json (1.7.2)
    omniauth (1.1.4)
      hashie (>= 1.2, < 3)
      rack
    pg (0.15.1)
    rack (1.5.2)
    rack-flash3 (1.0.3)
      rack
    rack-protection (1.5.0)
      rack
    rack-test (0.6.2)
      rack (>= 1.0)
    rb-fsevent (0.9.3)
    redis (3.0.3)
    ref (1.0.4)
    sequel (3.46.0)
    settingslogic (2.0.9)
    sinatra (1.4.2)
      rack (~> 1.5, >= 1.5.2)
      rack-protection (~> 1.4)
      tilt (~> 1.3, >= 1.3.4)
    sinatra-assetpack (0.2.0)
      backports
      jsmin
      rack-test
      sinatra
      tilt (>= 1.3.0)
    sinatra-contrib (1.4.0)
      backports (>= 2.0)
      eventmachine
      rack-protection
      rack-test
      sinatra (~> 1.4.2)
      tilt (~> 1.3)
    sqlite3 (1.3.7)
    therubyracer (0.11.4)
      libv8 (~> 3.11.8.12)
      ref
    thin (1.5.1)
      daemons (>= 1.0.9)
      eventmachine (>= 0.12.6)
      rack (>= 1.0.0)
    tilt (1.3.7)

PLATFORMS
  ruby

DEPENDENCIES
  bcrypt-ruby
  factory_girl
  haml
  less
  multi_json
  omniauth
  pg
  rack-flash3
  rb-fsevent
  redis
  sequel
  settingslogic
  sinatra
  sinatra-assetpack
  sinatra-contrib
  sqlite3
  therubyracer
  thin
  twitter-bootstrap (= 3.0.0)!
